GEM
  remote: https://rubygems.org/
  specs:
    concurrent-ruby (1.0.5)
    hamster (3.0.0)
      concurrent-ruby (~> 1.0)
    link_header (0.0.8)
    net-http-persistent (2.9.4)
    rdf (2.2.6)
      hamster (~> 3.0)
      link_header (~> 0.0, >= 0.0.8)
    sparql-client (2.1.0)
      net-http-persistent (~> 2.9)
      rdf (~> 2.0)

PLATFORMS
  ruby

DEPENDENCIES
  sparql-client

BUNDLED WITH
   1.14.3
